PATH
  remote: /Users/kristianconsult/Development/Languages/Ruby/Apps/Gems/cream
  specs:
    cream (0.6.2)
      cancan (~> 1.3.4)
      cancan-permits (~> 0.1.3)
      cancan-rest-links (~> 0.1.3)
      devise (>= 1.1.2)
      devise-links (~> 0.1.4)
      logging_assist (~> 0.1.3)
      r3_plugin_toolbox (~> 0.3.6)
      rails (~> 3.0.0)
      rails3_artifactor (~> 0.2.5)
      require_all (~> 1.2.0)
      sugar-high (~> 0.2.10)

GEM
  remote: http://rubygems.org/
  specs:
    abstract (1.0.0)
    actionmailer (3.0.0)
      actionpack (= 3.0.0)
      mail (~> 2.2.5)
    actionpack (3.0.0)
      activemodel (= 3.0.0)
      activesupport (= 3.0.0)
      builder (~> 2.1.2)
      erubis (~> 2.6.6)
      i18n (~> 0.4.1)
      rack (~> 1.2.1)
      rack-mount (~> 0.6.12)
      rack-test (~> 0.5.4)
      tzinfo (~> 0.3.23)
    activemodel (3.0.0)
      activesupport (= 3.0.0)
      builder (~> 2.1.2)
      i18n (~> 0.4.1)
    activerecord (3.0.0)
      activemodel (= 3.0.0)
      activesupport (= 3.0.0)
      arel (~> 1.0.0)
      tzinfo (~> 0.3.23)
    activeresource (3.0.0)
      activemodel (= 3.0.0)
      activesupport (= 3.0.0)
    activesupport (3.0.0)
    arel (1.0.1)
      activesupport (~> 3.0.0)
    bcrypt-ruby (2.1.2)
    bson (1.0.9)
    bson_ext (1.0.9)
    builder (2.1.2)
    cancan (1.3.4)
    cancan-permits (0.1.3)
      cancan (~> 1.3.2)
      require_all (~> 1.2.0)
      sugar-high (~> 0.2.10)
    cancan-rest-links (0.1.3)
      cancan (~> 1.3.4)
      r3_plugin_toolbox (~> 0.3.6)
      require_all (~> 1.2.0)
      sugar-high (~> 0.2.10)
    devise (1.1.3)
      bcrypt-ruby (~> 2.1.2)
      warden (~> 0.10.7)
    devise-links (0.1.4)
      devise (>= 1.1.2)
      r3_plugin_toolbox (~> 0.3.6)
      require_all (~> 1.2.0)
      sugar-high (~> 0.2.10)
    diff-lcs (1.1.2)
    erubis (2.6.6)
      abstract (>= 1.0.0)
    i18n (0.4.1)
    jnunemaker-validatable (1.8.4)
      activesupport (>= 2.3.4)
    log4r (1.1.8)
    logging_assist (0.1.4)
      log4r (~> 1.1.8)
      require_all (~> 1.2.0)
      sugar-high (~> 0.2.10)
    mail (2.2.6.1)
      activesupport (>= 2.3.6)
      mime-types
      treetop (>= 1.4.5)
    migration_assist (0.1.5)
      rails (~> 3.0.0)
      require_all (~> 1.2.0)
    mime-types (1.16)
    mm-devise (1.1.6)
      bcrypt-ruby (~> 2.1.2)
      bson_ext (~> 1.0.4)
      devise (>= 1.1.1)
      jnunemaker-validatable (~> 1.8.1)
      mongo_mapper (~> 0.8.4)
      rails3-generators (>= 0.13.0)
      sugar-high (~> 0.2.10)
      warden (>= 0.10.7)
    mocha (0.9.8)
      rake
    mongo (1.0.9)
      bson (>= 1.0.5)
    mongo_mapper (0.8.4)
      activesupport (>= 2.3.4)
      jnunemaker-validatable (~> 1.8.4)
      plucky (~> 0.3.5)
    plucky (0.3.5)
      mongo (~> 1.0.8)
    polyglot (0.3.1)
    r3_plugin_toolbox (0.3.13)
      rails (~> 3.0.0)
      require_all (~> 1.2.0)
    rack (1.2.1)
    rack-mount (0.6.13)
      rack (>= 1.0.0)
    rack-test (0.5.6)
      rack (>= 1.0)
    rails (3.0.0)
      actionmailer (= 3.0.0)
      actionpack (= 3.0.0)
      activerecord (= 3.0.0)
      activeresource (= 3.0.0)
      activesupport (= 3.0.0)
      bundler (~> 1.0.0)
      railties (= 3.0.0)
    rails3-generators (0.13.0)
    rails3_artifactor (0.2.6)
      migration_assist (~> 0.1.4)
      rails3_assist (~> 0.2.10)
      require_all (~> 1.2.0)
      rspec (~> 2.0.0.beta.22)
      sugar-high (~> 0.2.10)
    rails3_assist (0.2.11)
      activesupport (~> 3.0.0)
      migration_assist (~> 0.1.4)
      require_all (~> 1.2.0)
      sugar-high (~> 0.2.10)
      thor (~> 0.14.0)
    railties (3.0.0)
      actionpack (= 3.0.0)
      activesupport (= 3.0.0)
      rake (>= 0.8.4)
      thor (~> 0.14.0)
    rake (0.8.7)
    require_all (1.2.0)
    roles_generic (0.2.7)
      activesupport (~> 3.0.0)
      rails3_artifactor (~> 0.2.5)
      require_all (~> 1.2.0)
      sugar-high (~> 0.2.10)
    roles_mongo_mapper (0.1.3)
      activesupport (~> 3.0.0)
      logging_assist (~> 0.1.3)
      mongo_mapper (~> 0.8.4)
      require_all (~> 1.2.0)
      roles_generic (~> 0.2.7)
      sugar-high (~> 0.2.11)
    rspec (2.0.0.beta.22)
      rspec-core (= 2.0.0.beta.22)
      rspec-expectations (= 2.0.0.beta.22)
      rspec-mocks (= 2.0.0.beta.22)
    rspec-core (2.0.0.beta.22)
    rspec-expectations (2.0.0.beta.22)
      diff-lcs (>= 1.1.2)
    rspec-mocks (2.0.0.beta.22)
      rspec-core (= 2.0.0.beta.22)
      rspec-expectations (= 2.0.0.beta.22)
    sugar-high (0.2.11)
      mocha (~> 0.9.8)
      require_all (~> 1.2.0)
    thor (0.14.2)
    treetop (1.4.8)
      polyglot (>= 0.3.1)
    tzinfo (0.3.23)
    warden (0.10.7)
      rack (>= 1.0.0)

PLATFORMS
  ruby

DEPENDENCIES
  cream (~> 0.6.2)!
  devise (~> 1.1.3)
  mm-devise (~> 1.1.6)
  rails (~> 3.0.0)
  roles_mongo_mapper (~> 0.1.3)
